GEM
  remote: https://rubygems.org/
  specs:
    geokit (1.5.0)

PLATFORMS
  ruby

DEPENDENCIES
  geokit (= 1.5.0)
